GIT
  remote: http://github.com/pch/lastfm-client.git
  revision: 39c4792783f397fb8688e27909ac509a715b8312
  specs:
    lastfm-client (0.0.3)
      json (>= 1.4.6)

GEM
  remote: http://rubygems.org/
  specs:
    hpricot (0.8.6)
    json (1.6.5)

PLATFORMS
  ruby

DEPENDENCIES
  hpricot
  lastfm-client!
